GIT
  remote: https://github.com/PopulateTools/gobierto_budgets_data.git
  revision: e16091dec3dadd25cdc8c685869c48660460d42c
  branch: bump-elasticsearch
  specs:
    gobierto_budgets_data (0.1.0)
      actionpack
      activesupport
      aws-sdk-s3
      elasticsearch (~> 7.17.10)
      ine-places (~> 0.3.0)
      oj (~> 3.6)
      rake (~> 13.0)

GEM
  remote: https://rubygems.org/
  specs:
    actionpack (7.1.3.3)
      actionview (= 7.1.3.3)
      activesupport (= 7.1.3.3)
      nokogiri (>= 1.8.5)
      racc
      rack (>= 2.2.4)
      rack-session (>= 1.0.1)
      rack-test (>= 0.6.3)
      rails-dom-testing (~> 2.2)
      rails-html-sanitizer (~> 1.6)
    actionview (7.1.3.3)
      activesupport (= 7.1.3.3)
      builder (~> 3.1)
      erubi (~> 1.11)
      rails-dom-testing (~> 2.2)
      rails-html-sanitizer (~> 1.6)
    activesupport (7.1.3.3)
      base64
      bigdecimal
      concurrent-ruby (~> 1.0, >= 1.0.2)
      connection_pool (>= 2.2.5)
      drb
      i18n (>= 1.6, < 2)
      minitest (>= 5.1)
      mutex_m
      tzinfo (~> 2.0)
    aws-eventstream (1.3.0)
    aws-partitions (1.932.0)
    aws-sdk-core (3.196.1)
      aws-eventstream (~> 1, >= 1.3.0)
      aws-partitions (~> 1, >= 1.651.0)
      aws-sigv4 (~> 1.8)
      jmespath (~> 1, >= 1.6.1)
    aws-sdk-kms (1.81.0)
      aws-sdk-core (~> 3, >= 3.193.0)
      aws-sigv4 (~> 1.1)
    aws-sdk-s3 (1.151.0)
      aws-sdk-core (~> 3, >= 3.194.0)
      aws-sdk-kms (~> 1)
      aws-sigv4 (~> 1.8)
    aws-sigv4 (1.8.0)
      aws-eventstream (~> 1, >= 1.0.2)
    base64 (0.2.0)
    bigdecimal (3.1.8)
    builder (3.2.4)
    byebug (11.1.3)
    coderay (1.1.3)
    concurrent-ruby (1.2.3)
    connection_pool (2.4.1)
    crass (1.0.6)
    drb (2.2.1)
    elasticsearch (7.17.10)
      elasticsearch-api (= 7.17.10)
      elasticsearch-transport (= 7.17.10)
    elasticsearch-api (7.17.10)
      multi_json
    elasticsearch-transport (7.17.10)
      faraday (>= 1, < 3)
      multi_json
    erubi (1.12.0)
    faraday (2.9.0)
      faraday-net_http (>= 2.0, < 3.2)
    faraday-multipart (1.0.4)
      multipart-post (~> 2)
    faraday-net_http (3.1.0)
      net-http
    faraday-net_http_persistent (2.1.0)
      faraday (~> 2.5)
      net-http-persistent (~> 4.0)
    i18n (1.14.5)
      concurrent-ruby (~> 1.0)
    ine-places (0.3.0)
      activesupport (>= 4.2)
    jmespath (1.6.2)
    loofah (2.22.0)
      crass (~> 1.0.2)
      nokogiri (>= 1.12.0)
    method_source (1.1.0)
    mini_portile2 (2.8.6)
    minitest (5.23.1)
    multi_json (1.15.0)
    multipart-post (2.4.1)
    mutex_m (0.2.0)
    net-http (0.4.1)
      uri
    net-http-persistent (4.0.2)
      connection_pool (~> 2.2)
    nokogiri (1.16.5)
      mini_portile2 (~> 2.8.2)
      racc (~> 1.4)
    nokogiri (1.16.5-x86_64-linux)
      racc (~> 1.4)
    oj (3.16.3)
      bigdecimal (>= 3.0)
    pry (0.14.2)
      coderay (~> 1.1)
      method_source (~> 1.0)
    racc (1.8.0)
    rack (3.0.11)
    rack-session (2.0.0)
      rack (>= 3.0.0)
    rack-test (2.1.0)
      rack (>= 1.3)
    rails-dom-testing (2.2.0)
      activesupport (>= 5.0.0)
      minitest
      nokogiri (>= 1.6)
    rails-html-sanitizer (1.6.0)
      loofah (~> 2.21)
      nokogiri (~> 1.14)
    rake (13.2.1)
    roo (2.10.1)
      nokogiri (~> 1)
      rubyzip (>= 1.3.0, < 3.0.0)
    rubyzip (2.3.2)
    tzinfo (2.0.6)
      concurrent-ruby (~> 1.0)
    uri (0.13.0)
    zeitwerk (2.5.4)

PLATFORMS
  ruby
  x86_64-linux

DEPENDENCIES
  aws-sdk-s3
  byebug
  faraday
  faraday-multipart
  faraday-net_http_persistent
  gobierto_budgets_data!
  nokogiri
  pry
  roo
  rubyzip
  zeitwerk (~> 2.5.4)

BUNDLED WITH
   2.5.6
